GEM
  remote: https://gems.ruby-china.com/
  specs:
    byebug (11.1.3)
    coderay (1.1.3)
    method_source (1.0.0)
    minitest (5.15.0)
    pry (0.13.1)
      coderay (~> 1.1)
      method_source (~> 1.0)
    pry-byebug (3.9.0)
      byebug (~> 11.0)
      pry (~> 0.13.0)
    rack (2.2.3)
    rack-test (1.1.0)
      rack (>= 1.0, < 3)

PLATFORMS
  ruby

DEPENDENCIES
  minitest
  pry-byebug
  rack
  rack-test

BUNDLED WITH
   2.1.4
